PATH
  remote: .
  specs:
    hyperresource (0.0.1)

GEM
  specs:
    minitest (4.5.0)
    rake (10.0.3)

PLATFORMS
  ruby

DEPENDENCIES
  hyperresource!
  minitest
  rake
